PATH
  remote: .
  specs:
    core-jobs (0.1.0)
      activerecord (~> 6.0.0)
      graphql
      pg
      que (~> 2.0.0.beta1)

GEM
  remote: https://rubygems.org/
  specs:
    activemodel (6.0.5.1)
      activesupport (= 6.0.5.1)
    activerecord (6.0.5.1)
      activemodel (= 6.0.5.1)
      activesupport (= 6.0.5.1)
    activesupport (6.0.5.1)
      concurrent-ruby (~> 1.0, >= 1.0.2)
      i18n (>= 0.7, < 2)
      minitest (~> 5.1)
      tzinfo (~> 1.1)
      zeitwerk (~> 2.2, >= 2.2.2)
    concurrent-ruby (1.1.10)
    graphql (2.0.13)
    i18n (1.12.0)
      concurrent-ruby (~> 1.0)
    minitest (5.16.3)
    minitest-color (0.0.2)
      minitest (~> 5)
    mustermann (2.0.2)
      ruby2_keywords (~> 0.0.1)
    pg (1.4.3)
    que (2.0.0.beta1)
    rack (2.2.4)
    rack-protection (2.2.2)
      rack
    rack-test (2.0.2)
      rack (>= 1.3)
    racksh (1.0.0)
      rack (>= 1.0)
      rack-test (>= 0.5)
    rake (12.3.3)
    ruby2_keywords (0.0.5)
    sinatra (2.2.2)
      mustermann (~> 2.0)
      rack (~> 2.2)
      rack-protection (= 2.2.2)
      tilt (~> 2.0)
    sinatra-activerecord (2.0.25)
      activerecord (>= 4.1)
      sinatra (>= 1.0)
    thread_safe (0.3.6)
    tilt (2.0.11)
    tzinfo (1.2.10)
      thread_safe (~> 0.1)
    zeitwerk (2.6.0)

PLATFORMS
  arm64-darwin-21

DEPENDENCIES
  core-jobs!
  minitest (~> 5.0)
  minitest-color
  racksh
  rake (~> 12.0)
  sinatra-activerecord

BUNDLED WITH
   2.3.7
